GEM
  remote: https://rubygems.org/
  specs:
    addressable (2.4.0)
    colorator (0.1)
    ffi (1.9.18)
    jekyll (3.0.1)
      colorator (~> 0.1)
      jekyll-sass-converter (~> 1.0)
      jekyll-watch (~> 1.1)
      kramdown (~> 1.3)
      liquid (~> 3.0)
      mercenary (~> 0.3.3)
      rouge (~> 1.7)
      safe_yaml (~> 1.0)
    jekyll-feed (0.7.2)
    jekyll-responsive-image (1.4.0)
      jekyll (>= 2.0, < 4.0)
      rmagick (>= 2.0, < 3.0)
    jekyll-sass-converter (1.5.0)
      sass (~> 3.4)
    jekyll-sitemap (0.11.0)
      addressable (~> 2.4.0)
    jekyll-watch (1.5.0)
      listen (~> 3.0, < 3.1)
    kramdown (1.15.0)
    liquid (3.0.6)
    listen (3.0.8)
      rb-fsevent (~> 0.9, >= 0.9.4)
      rb-inotify (~> 0.9, >= 0.9.7)
    mercenary (0.3.6)
    rake (12.1.0)
    rb-fsevent (0.10.2)
    rb-inotify (0.9.10)
      ffi (>= 0.5.0, < 2)
    rmagick (2.16.0)
    rouge (1.11.1)
    safe_yaml (1.0.4)
    sass (3.5.1)
      sass-listen (~> 4.0.0)
    sass-listen (4.0.0)
      rb-fsevent (~> 0.9, >= 0.9.4)
      rb-inotify (~> 0.9, >= 0.9.7)

PLATFORMS
  ruby

DEPENDENCIES
  jekyll (= 3.0.1)
  jekyll-feed
  jekyll-responsive-image
  jekyll-sitemap (= 0.11.0)
  rake

BUNDLED WITH
   1.15.3
